{
    "TaskName": "amnoise",
    "Manufacturer": "Elekta",
    "PowerLineFrequency": 60.0,
    "SamplingFrequency": 1200.0,
    "SoftwareFilters": {
        "SpatialCompensation": {
            "GradientOrder": 0
        }
    },
    "RecordingDuration": 1070.9991666666667,
    "RecordingType": "continuous",
    "DewarPosition": "n/a",
    "DigitizedLandmarks": true,
    "DigitizedHeadPoints": true,
    "MEGChannelCount": 306,
    "MEGREFChannelCount": 0,
    "ContinuousHeadLocalization": true,
    "HeadCoilFrequency": [
        83.0,
        143.0,
        203.0,
        263.0,
        323.0
    ],
    "EEGChannelCount": 0,
    "EOGChannelCount": 2,
    "ECGChannelCount": 1,
    "EMGChannelCount": 0,
    "MiscChannelCount": 12,
    "TriggerChannelCount": 11
}
